PATH
  remote: .
  specs:
    compeon-api_client (0.1.0)
      faraday
      faraday_middleware

GEM
  remote: https://rubygems.org/
  specs:
    faraday (0.15.4)
      multipart-post (>= 1.2, < 3)
    faraday_middleware (0.13.1)
      faraday (>= 0.7.4, < 1.0)
    minitest (5.11.3)
    multipart-post (2.0.0)
    rake (10.5.0)

PLATFORMS
  ruby

DEPENDENCIES
  bundler (~> 2.0)
  compeon-api_client!
  minitest (~> 5.0)
  rake (~> 10.0)

BUNDLED WITH
   2.0.1
