PATH
  remote: .
  specs:
    compeon-api_client (0.2.0)
      faraday
      faraday_middleware

GEM
  remote: https://rubygems.org/
  specs:
    addressable (2.6.0)
      public_suffix (>= 2.0.2, < 4.0)
    crack (0.4.3)
      safe_yaml (~> 1.0.0)
    faraday (0.15.4)
      multipart-post (>= 1.2, < 3)
    faraday_middleware (0.13.1)
      faraday (>= 0.7.4, < 1.0)
    hashdiff (0.4.0)
    minitest (5.11.3)
    multipart-post (2.0.0)
    public_suffix (3.1.1)
    rake (13.0.1)
    safe_yaml (1.0.5)
    webmock (3.6.0)
      addressable (>= 2.3.6)
      crack (>= 0.3.2)
      hashdiff (>= 0.4.0, < 2.0.0)

PLATFORMS
  ruby

DEPENDENCIES
  bundler (~> 2.0)
  compeon-api_client!
  minitest (~> 5.0)
  rake (~> 13.0)
  webmock (~> 3.6)

BUNDLED WITH
   2.0.1
